GEM
  remote: http://rubygems.org/
  specs:
    coderay (1.1.0)
    eventmachine (1.0.8)
    faraday (0.9.1)
      multipart-post (>= 1.2, < 3)
    faraday_middleware (0.10.0)
      faraday (>= 0.7.4, < 0.10)
    faye-websocket (0.10.0)
      eventmachine (>= 0.12.0)
      websocket-driver (>= 0.5.1)
    method_source (0.8.2)
    multipart-post (2.0.0)
    pry (0.10.2)
      coderay (~> 1.1.0)
      method_source (~> 0.8.1)
      slop (~> 3.4)
    slack-ruby-client (0.3.0)
      eventmachine
      faraday
      faraday_middleware
      faye-websocket
    slop (3.6.0)
    websocket-driver (0.6.2)
      websocket-extensions (>= 0.1.0)
    websocket-extensions (0.1.2)

PLATFORMS
  ruby

DEPENDENCIES
  pry
  slack-ruby-client

BUNDLED WITH
   1.10.6
